PATH
  remote: .
  specs:
    gsmetrics (0.1.0)
      google-spreadsheet-ruby (~> 0.2.1)

GEM
  specs:
    addressable (2.2.7)
    faraday (0.7.6)
      addressable (~> 2.2)
      multipart-post (~> 1.1)
      rack (~> 1.1)
    google-spreadsheet-ruby (0.2.1)
      nokogiri (>= 1.4.4, != 1.5.2, != 1.5.1)
      oauth (>= 0.3.6)
      oauth2 (>= 0.5.0)
    httpauth (0.1)
    multi_json (1.3.2)
    multipart-post (1.1.5)
    nokogiri (1.5.0)
    oauth (0.4.6)
    oauth2 (0.6.0)
      faraday (~> 0.7)
      httpauth (~> 0.1)
      multi_json (~> 1.0)
    rack (1.4.1)

PLATFORMS
  ruby

DEPENDENCIES
  gsmetrics!
