PATH
  remote: .
  specs:
    gsmetrics (0.0.2)

GEM
  specs:
    addressable (2.2.6)
    builder (3.0.0)
    crack (0.1.8)
    httparty (0.8.1)
      multi_json
      multi_xml
    launchy (2.0.5)
      addressable (~> 2.2.6)
    multi_json (1.0.3)
    multi_xml (0.4.1)
    thor (0.14.6)

PLATFORMS
  ruby

DEPENDENCIES
  builder
  crack
  gsmetrics!
  httparty
  launchy
  thor
